GEM
  remote: https://rubygems.org/
  specs:
    activemodel (6.0.2.1)
      activesupport (= 6.0.2.1)
    activerecord (6.0.2.1)
      activemodel (= 6.0.2.1)
      activesupport (= 6.0.2.1)
    activesupport (6.0.2.1)
      concurrent-ruby (~> 1.0, >= 1.0.2)
      i18n (>= 0.7, < 2)
      minitest (~> 5.1)
      tzinfo (~> 1.1)
      zeitwerk (~> 2.2)
    concurrent-ruby (1.1.5)
    connection_pool (2.3.0)
    diff-lcs (1.3)
    factory_bot (5.1.1)
      activesupport (>= 4.2.0)
    i18n (1.8.1)
      concurrent-ruby (~> 1.0)
    maxmind-db (1.1.0)
    minitest (5.13.0)
    multi_json (1.15.0)
    mustermann (3.0.0)
      ruby2_keywords (~> 0.0.1)
    nio4r (2.5.2)
    pg (1.2.2)
    puma (4.3.1)
      nio4r (~> 2.0)
    rack (2.2.4)
    rack-contrib (2.1.0)
      rack (~> 2.0)
    rack-protection (3.0.4)
      rack
    rack-test (1.1.0)
      rack (>= 1.0, < 3)
    rake (13.0.1)
    redis (4.8.0)
    rspec (3.9.0)
      rspec-core (~> 3.9.0)
      rspec-expectations (~> 3.9.0)
      rspec-mocks (~> 3.9.0)
    rspec-core (3.9.1)
      rspec-support (~> 3.9.1)
    rspec-expectations (3.9.0)
      diff-lcs (>= 1.2.0, < 2.0)
      rspec-support (~> 3.9.0)
    rspec-mocks (3.9.1)
      diff-lcs (>= 1.2.0, < 2.0)
      rspec-support (~> 3.9.0)
    rspec-support (3.9.2)
    ruby2_keywords (0.0.5)
    shoulda-matchers (4.2.0)
      activesupport (>= 4.2.0)
    sidekiq (6.5.8)
      connection_pool (>= 2.2.5, < 3)
      rack (~> 2.0)
      redis (>= 4.5.0, < 5)
    sinatra (3.0.4)
      mustermann (~> 3.0)
      rack (~> 2.2, >= 2.2.4)
      rack-protection (= 3.0.4)
      tilt (~> 2.0)
    sinatra-activerecord (2.0.14)
      activerecord (>= 3.2)
      sinatra (>= 1.0)
    sinatra-contrib (3.0.4)
      multi_json
      mustermann (~> 3.0)
      rack-protection (= 3.0.4)
      sinatra (= 3.0.4)
      tilt (~> 2.0)
    sinatra-cross_origin (0.3.2)
    sqlite3 (1.4.0)
    thread_safe (0.3.6)
    tilt (2.0.11)
    tzinfo (1.2.6)
      thread_safe (~> 0.1)
    zeitwerk (2.2.2)

PLATFORMS
  ruby

DEPENDENCIES
  factory_bot
  maxmind-db
  pg
  puma
  rack-contrib
  rack-test (~> 1.1.0)
  rake (= 13.0.1)
  rspec (= 3.9)
  shoulda-matchers
  sidekiq
  sinatra (= 3.0.4)
  sinatra-activerecord (= 2.0.14)
  sinatra-contrib (= 3.0.4)
  sinatra-cross_origin (~> 0.3.1)
  sqlite3 (= 1.4.0)

RUBY VERSION
   ruby 2.6.3p62

BUNDLED WITH
   1.17.3
